PATH
  remote: .
  specs:
    test-project (1.0.0)
      rack (>= 2.0.8, < 3.1.0)
      signet (~> 0.8.1)

GEM
  remote: https://rubygems.org/
  specs:
    addressable (2.8.6)
      public_suffix (>= 2.0.2, < 6.0)
    base64 (0.2.0)
    diff-lcs (1.3)
    faraday (0.17.6)
      multipart-post (>= 1.2, < 3)
    jwt (2.8.0)
      base64
    multi_json (1.15.0)
    multipart-post (2.4.0)
    public_suffix (5.0.4)
    rack (3.0.9.1)
    rspec (3.7.0)
      rspec-core (~> 3.7.0)
      rspec-expectations (~> 3.7.0)
      rspec-mocks (~> 3.7.0)
    rspec-core (3.7.1)
      rspec-support (~> 3.7.0)
    rspec-expectations (3.7.0)
      diff-lcs (>= 1.2.0, < 2.0)
      rspec-support (~> 3.7.0)
    rspec-mocks (3.7.0)
      diff-lcs (>= 1.2.0, < 2.0)
      rspec-support (~> 3.7.0)
    rspec-support (3.7.1)
    signet (0.8.1)
      addressable (~> 2.3)
      faraday (~> 0.9)
      jwt (>= 1.5, < 3.0)
      multi_json (~> 1.10)

PLATFORMS
  ruby
  x64-mingw32

DEPENDENCIES
  rspec
  test-project!
